GEM
  remote: https://rubygems.org/
  specs:
    addressable (2.8.0)
      public_suffix (>= 2.0.2, < 5.0)
    css_parser (1.11.0)
      addressable
    fastimage (2.2.6)
    matrix (0.4.2)
    pdf-core (0.9.0)
    prawn (2.4.0)
      pdf-core (~> 0.9.0)
      ttfunk (~> 1.7)
    prawn-svg (0.32.0)
      css_parser (~> 1.6)
      prawn (>= 0.11.1, < 3)
      rexml (~> 3.2)
    public_suffix (4.0.6)
    rexml (3.2.5)
    ttfunk (1.7.0)

PLATFORMS
  x64-mingw-ucrt

DEPENDENCIES
  fastimage (~> 2.2)
  matrix (~> 0.4.2)
  prawn (~> 2.4)
  prawn-svg (~> 0.32.0)

BUNDLED WITH
   2.3.8
